PATH
  remote: .
  specs:
    garb (0.9.7)
      activesupport (>= 2.2)
      em-http-request
      em-synchrony
      multi_json (>= 1.3)

GEM
  remote: http://rubygems.org/
  specs:
    activesupport (3.2.8)
      i18n (~> 0.6)
      multi_json (~> 1.0)
    addressable (2.3.2)
    cookiejar (0.3.0)
    em-http-request (1.0.3)
      addressable (>= 2.2.3)
      cookiejar
      em-socksify
      eventmachine (>= 1.0.0.beta.4)
      http_parser.rb (>= 0.5.3)
    em-socksify (0.2.1)
      eventmachine (>= 1.0.0.beta.4)
    em-synchrony (1.0.2)
      eventmachine (>= 1.0.0.beta.1)
    eventmachine (1.0.0)
    http_parser.rb (0.5.3)
    i18n (0.6.1)
    jferris-mocha (0.9.8.20100526112143)
      rake
    minitest (3.3.0)
    multi_json (1.3.6)
    rake (0.9.2.2)
    shoulda (3.1.1)
      shoulda-context (~> 1.0)
      shoulda-matchers (~> 1.2)
    shoulda-context (1.0.0)
    shoulda-matchers (1.3.0)
      activesupport (>= 3.0.0)
    simplecov (0.6.4)
      multi_json (~> 1.0)
      simplecov-html (~> 0.5.3)
    simplecov-html (0.5.3)
    yajl-ruby (1.1.0)

PLATFORMS
  ruby

DEPENDENCIES
  garb!
  jferris-mocha
  minitest
  rake
  shoulda
  shoulda-context
  simplecov
  yajl-ruby
